GEM
  remote: https://rubygems.org/
  specs:
    chunky_png (1.3.8)
    coderay (1.1.1)
    diff-lcs (1.3)
    ffi (1.9.17)
    method_source (0.8.2)
    mittsu (0.2.0)
      chunky_png (~> 1.3)
      ffi (~> 1.9)
      opengl-bindings (~> 1.5)
    opengl-bindings (1.6.2)
    pry (0.10.4)
      coderay (~> 1.1.0)
      method_source (~> 0.8.1)
      slop (~> 3.4)
    rspec (3.5.0)
      rspec-core (~> 3.5.0)
      rspec-expectations (~> 3.5.0)
      rspec-mocks (~> 3.5.0)
    rspec-core (3.5.4)
      rspec-support (~> 3.5.0)
    rspec-expectations (3.5.0)
      diff-lcs (>= 1.2.0, < 2.0)
      rspec-support (~> 3.5.0)
    rspec-mocks (3.5.0)
      diff-lcs (>= 1.2.0, < 2.0)
      rspec-support (~> 3.5.0)
    rspec-support (3.5.0)
    slop (3.6.0)

PLATFORMS
  ruby

DEPENDENCIES
  mittsu
  pry
  rspec

BUNDLED WITH
   1.14.4
